
type = string-attribute
name = TYPESTRING
count = 15
'3DIM_HEAD_FUNC~

type = string-attribute
name = IDCODE_STRING
count = 27
'MDZ_duTXiyP8HEFi1AnxxcpLkQ~

type = string-attribute
name = IDCODE_DATE
count = 25
'Fri Apr 14 10:28:42 2017~

type = integer-attribute
name = SCENE_DATA
count = 8
 0 11 1 -999 -999
 -999 -999 -999

type = string-attribute
name = LABEL_1
count = 5
'zyxt~

type = string-attribute
name = LABEL_2
count = 5
'zyxt~

type = string-attribute
name = DATASET_NAME
count = 5
'zyxt~

type = integer-attribute
name = ORIENT_SPECIFIC
count = 3
 0 3 4

type  = float-attribute
name  = ORIGIN
count = 3
           -128           -128            -20

type  = float-attribute
name  = DELTA
count = 3
              2              2              4

type  = float-attribute
name  = IJK_TO_DICOM
count = 12
              2              0              0           -128              0
              2              0           -128              0              0
              4            -20

type  = float-attribute
name  = IJK_TO_DICOM_REAL
count = 12
              2              0              0           -128              0
              2              0           -128              0              0
              4            -20

type  = float-attribute
name  = BRICK_STATS
count = 10
              0              0      -27042.32       18032.84      -3.541475
       4.086413      -8583.829       34405.18      -3.817645       2.721705

type = integer-attribute
name = DATASET_RANK
count = 8
 3 5 0 0 0
 0 0 0

type = integer-attribute
name = DATASET_DIMENSIONS
count = 5
 128 128 31 0 0

type = integer-attribute
name = BRICK_TYPES
count = 5
 3 3 3 3 3

type  = float-attribute
name  = BRICK_FLOAT_FACS
count = 5
              0              0              0              0              0

type = string-attribute
name = BRICK_LABS
count = 77
'Full_Fstat~Resp_IRF#0_Coef~Resp_IRF#0_Tstat~Card_IRF#0_Coef~Card_IRF#0_Tstat~

type  = float-attribute
name  = BRICK_STATAUX
count = 8
              2              3              1            130              4
              3              1            130

type = string-attribute
name = BRICK_STATSYM
count = 37
'none;none;Ttest(130);none;Ttest(130)~

type  = float-attribute
name  = FDRCURVE_000002
count = 103
     0.08225191   -0.000314239   0.0001267716   0.0001267716   0.0001267716
   0.0001267716   0.0001267716   0.0001267716   0.0001267716   0.0001267716
   0.0001267716   0.0001267716   0.0001267716   0.0001267716   0.0001267716
   0.0001267716   0.0001267716   0.0001267716   0.0001267716   0.0001267716
   0.0001267716   0.0001267716   0.0001267716   0.0001267716   0.0001267716
   0.0001267716   0.0001267716   0.0001267716   0.0001267716   0.0001267716
   0.0001267716   0.0001267716   0.0001267716   0.0001267716   0.0001267716
   0.0001267716   0.0001267716   0.0001267716   0.0001267716   0.0001267716
   0.0001267716   0.0001267716   0.0001267716   0.0001267716   0.0001267716
   0.0001267716   0.0001267716   0.0001267716   0.0001267716   0.0001267716
   0.0001267716   0.0001267716   0.0001267716   0.0001267716   0.0001267716
   0.0001267716   0.0001267716   0.0001267716   0.0001267716   0.0001267716
   0.0001267716   0.0001267716   0.0001267716   0.0001267716   0.0001267716
   0.0001267716   0.0001267716   0.0001267716   0.0001267716   0.0001267716
   0.0001267716   0.0001267716   0.0001267716   0.0001267716   0.0001267716
   0.0001267716   0.0001267716   0.0001267716   0.0001267716   0.0001267716
   0.0001267716   0.0001267716   0.0001267716   0.0001267716   0.0001267716
   0.0001267716   0.0001267716   0.0001267716   0.0001267716   0.0001267716
   0.0001267716   0.0001267716   0.0001267716   0.0001267716   0.0001267716
   0.0001267716   0.0001267716   0.0001267716   0.0001267716   0.0001267716
   0.0001267716   0.0001267716   0.0001267716

type  = float-attribute
name  = FDRCURVE_000004
count = 103
     0.05835258    0.001938736   0.0001265475   0.0001265475   0.0001265475
   0.0001265475   0.0001265475   0.0001265475   0.0001265475   0.0001265475
   0.0001265475   0.0001265475   0.0001265475   0.0001265475   0.0001265475
   0.0001265475   0.0001265475   0.0001265475   0.0001265475   0.0001265475
   0.0001265475   0.0001265475   0.0001265475   0.0001265475   0.0001265475
   0.0001265475   0.0001265475   0.0001265475   0.0001265475   0.0001265475
   0.0001265475   0.0001265475   0.0001265475   0.0001265475   0.0001265475
   0.0001265475   0.0001265475   0.0001265475   0.0001265475   0.0001265475
   0.0001265475   0.0001265475   0.0001265475   0.0001265475   0.0001265475
   0.0001265475   0.0001265475   0.0001265475   0.0001265475   0.0001265475
   0.0001265475   0.0001265475   0.0001265475   0.0001265475   0.0001265475
   0.0001265475   0.0001265475   0.0001265475   0.0001265475   0.0001265475
   0.0001265475   0.0001265475   0.0001265475   0.0001265475   0.0001265475
   0.0001265475   0.0001265475   0.0001265475   0.0001265475   0.0001265475
   0.0001265475   0.0001265475   0.0001265475   0.0001265475   0.0001265475
   0.0001265475   0.0001265475   0.0001265475   0.0001265475   0.0001265475
   0.0001265475   0.0001265475   0.0001265475   0.0001265475   0.0001265475
   0.0001265475   0.0001265475   0.0001265475   0.0001265475   0.0001265475
   0.0001265475   0.0001265475   0.0001265475   0.0001265475   0.0001265475
   0.0001265475   0.0001265475   0.0001265475   0.0001265475   0.0001265475
   0.0001265475   0.0001265475   0.0001265475

type = string-attribute
name = TEMPLATE_SPACE
count = 5
'ORIG~

type = integer-attribute
name = INT_CMAP
count = 1
 0

type = string-attribute
name = BYTEORDER_STRING
count = 10
'LSB_FIRST~
